{
    "Manufacturer": "Value was not specified",
    "ManufacturersModelName": "BioSpec 47/40",
    "DeviceSerialNumber": "Value was not specified",
    "StationName": "BioSpec 47/40",
    "SoftwareVersion": "Value was not specified",
    "MagneticFieldStrength": 4.703712059281074,
    "ReceiveCoilName": "Value was not specified",
    "ReceiveCoilActiveElements": "Value was not specified",
    "GradientSetType": "S116",
    "MRTransmitCoilSequence": {
        "Name": null,
        "Manufacture": null,
        "Type": null
    },
    "CoilConfigName": "HWIDS_T9885V3_0028_T13014V3_0024_1",
    "MatrixCoilMode": "ParallelExperiment",
    "CoilCombinationMethod": "Value was not specified",
    "PulseSequenceType": "EPI.ppg",
    "ScanningSequence": "EPI (pvm)",
    "SequenceVariant": "Value was not specified",
    "ScanOptions": {
        "RG": null,
        "CG": null,
        "PFF": null,
        "PFP": null,
        "FC": null,
        "SP": "Off",
        "FP": null
    },
    "SequenceName": "EPI_22sl_axial_resting_state",
    "PulseSequenceDetails": "EPI_22sl_axial_resting_state",
    "NonlinearGradientCorrection": "Value was not specified",
    "NumberShots": "Value was not specified",
    "ParallelReductionFactorInPlane": 1,
    "ParallelAcquisitionTechnique": "Value was not specified",
    "PartialFourier": "Value was not specified",
    "PartialFourierDirection": "Value was not specified",
    "EffectiveEchoSpacing": 1e-05,
    "TotalReadoutTime": 0.00064,
    "EchoTime": 0.025315,
    "InversionTime": "Value was not specified",
    "SliceTiming": [
        0.0,
        0.0006060606060606061,
        0.0012121212121212121,
        0.0018181818181818182,
        0.0024242424242424242,
        0.0030303030303030303,
        0.0036363636363636364,
        0.004242424242424242,
        0.0048484848484848485,
        0.005454545454545455,
        0.006060606060606061,
        0.00030303030303030303,
        0.0009090909090909091,
        0.0015151515151515152,
        0.002121212121212121,
        0.0027272727272727275,
        0.003333333333333333,
        0.00393939393939394,
        0.004545454545454545,
        0.005151515151515152,
        0.005757575757575757,
        0.006363636363636364
    ],
    "DwellTime": 0.00064,
    "FlipAngle": 90,
    "MultibandAccerlationFactor": "Value was not specified",
    "AnatomicalLandmarkCoordinates": "Value was not specified",
    "InstitutionName": "Univ. Erlangen",
    "InstitutionAddress": "Value was not specified",
    "InstitutionalDepartmentName": "Value was not specified",
    "RepetitionTime": 2.0,
    "TaskName": "Value was not specified",
    "NumberOfVolumesDiscardedByScanner": "Value was not specified",
    "NumberOfVolumesDiscardedByUser": "Value was not specified",
    "DelayTime": "Value was not specified",
    "DelayAfterTrigger": "Value was not specified",
    "Instructions": "Value was not specified",
    "TaskDescription": "Value was not specified",
    "CogAtlasID": "https://www.cognitiveatlas.org/fillYourID",
    "CogPOID": "http://www.cogpo.org/fillYourID"
}