{
    "Manufacturer": "Value was not specified",
    "ManufacturersModelName": "BioSpec 47/40",
    "DeviceSerialNumber": "Value was not specified",
    "StationName": "BioSpec 47/40",
    "SoftwareVersion": "Value was not specified",
    "MagneticFieldStrength": 4.703543002159949,
    "ReceiveCoilName": "Value was not specified",
    "ReceiveCoilActiveElements": "Value was not specified",
    "GradientSetType": "S116",
    "MRTransmitCoilSequence": {
        "Name": null,
        "Manufacture": null,
        "Type": null
    },
    "CoilConfigName": "HWIDS_T9885V3_0028_T13014V3_0024_1",
    "MatrixCoilMode": "ParallelExperiment",
    "CoilCombinationMethod": "Value was not specified",
    "PulseSequenceType": "RARE.ppg",
    "ScanningSequence": "RARE (pvm)",
    "SequenceVariant": "Value was not specified",
    "ScanOptions": {
        "RG": null,
        "CG": null,
        "PFF": null,
        "PFP": null,
        "FC": null,
        "SP": "Off",
        "FP": null
    },
    "SequenceName": "07_RARE_8_anatomy",
    "PulseSequenceDetails": "07_RARE_8_anatomy",
    "NonlinearGradientCorrection": "Value was not specified",
    "NumberShots": "Value was not specified",
    "ParallelReductionFactorInPlane": 8,
    "ParallelAcquisitionTechnique": "Value was not specified",
    "PartialFourier": "Value was not specified",
    "PartialFourierDirection": "Value was not specified",
    "EffectiveEchoSpacing": 2.5e-06,
    "TotalReadoutTime": 0.00064,
    "EchoTime": 0.047108,
    "InversionTime": "Value was not specified",
    "SliceTiming": [
        0.0,
        0.2727272727272727,
        0.5454545454545454,
        0.8181818181818181,
        1.0909090909090908,
        1.3636363636363635,
        1.6363636363636362,
        1.909090909090909,
        2.1818181818181817,
        2.454545454545454,
        2.727272727272727,
        0.13636363636363635,
        0.40909090909090906,
        0.6818181818181818,
        0.9545454545454545,
        1.227272727272727,
        1.5,
        1.7727272727272725,
        2.0454545454545454,
        2.318181818181818,
        2.590909090909091,
        2.8636363636363633
    ],
    "DwellTime": 0.00512,
    "FlipAngle": 180,
    "MultibandAccerlationFactor": "Value was not specified",
    "AnatomicalLandmarkCoordinates": "Value was not specified",
    "InstitutionName": "Univ. Erlangen",
    "InstitutionAddress": "Value was not specified",
    "InstitutionalDepartmentName": "Value was not specified"
}