{
    "Manufacturer": "Value was not specified",
    "ManufacturersModelName": "BioSpec 47/40",
    "DeviceSerialNumber": "Value was not specified",
    "StationName": "BioSpec 47/40",
    "SoftwareVersion": 5.1,
    "MagneticFieldStrength": 4.703547105016864,
    "ReceiveCoilName": "Value was not specified",
    "ReceiveCoilActiveElements": "Value was not specified",
    "GradientSetType": "S116",
    "MRTransmitCoilSequence": {
        "Name": null,
        "Manufacture": null,
        "Type": null
    },
    "CoilConfigName": "HWIDS_T9885V3_0028_T13014V3_0024_1",
    "MatrixCoilMode": "ParallelExperiment",
    "CoilCombinationMethod": "Value was not specified",
    "PulseSequenceType": "EPI.ppg",
    "ScanningSequence": "EPI (pvm)",
    "SequenceVariant": "Value was not specified",
    "ScanOptions": {
        "RG": null,
        "CG": null,
        "PFF": null,
        "PFP": null,
        "FC": null,
        "SP": "Off",
        "FP": null
    },
    "SequenceName": "06_EPI_22sl_axial",
    "PulseSequenceDetails": "06_EPI_22sl_axial",
    "NonlinearGradientCorrection": "Value was not specified",
    "NumberShots": "Value was not specified",
    "ParallelReductionFactorInPlane": 1,
    "ParallelAcquisitionTechnique": "Value was not specified",
    "PartialFourier": "Value was not specified",
    "PartialFourierDirection": "Value was not specified",
    "EffectiveEchoSpacing": 1e-05,
    "TotalReadoutTime": 0.00064,
    "EchoTime": 0.025315,
    "InversionTime": "Value was not specified",
    "SliceTiming": [
        0.0,
        6.0606060606060605e-05,
        0.00012121212121212121,
        0.0001818181818181818,
        0.00024242424242424242,
        0.00030303030303030303,
        0.0003636363636363636,
        0.00042424242424242425,
        0.00048484848484848484,
        0.0005454545454545455,
        0.0006060606060606061,
        3.0303030303030302e-05,
        9.09090909090909e-05,
        0.00015151515151515152,
        0.00021212121212121213,
        0.00027272727272727274,
        0.0003333333333333333,
        0.0003939393939393939,
        0.00045454545454545455,
        0.0005151515151515151,
        0.0005757575757575757,
        0.0006363636363636363
    ],
    "DwellTime": 0.00064,
    "FlipAngle": 90,
    "MultibandAccerlationFactor": "Value was not specified",
    "AnatomicalLandmarkCoordinates": "Value was not specified",
    "InstitutionName": "Univ. Erlangen",
    "InstitutionAddress": "Value was not specified",
    "InstitutionalDepartmentName": "Value was not specified",
    "RepetitionTime": 2.0,
    "TaskName": "Value was not specified",
    "NumberOfVolumesDiscardedByScanner": "Value was not specified",
    "NumberOfVolumesDiscardedByUser": "Value was not specified",
    "DelayTime": "Value was not specified",
    "DelayAfterTrigger": "Value was not specified",
    "Instructions": "Value was not specified",
    "TaskDescription": "Value was not specified",
    "CogAtlasID": "https://www.cognitiveatlas.org/fillYourID",
    "CogPOID": "http://www.cogpo.org/fillYourID"
}